PATH
  remote: vendor/local_gems/c58b399d/logstash-output-sqs-0.1.3
  specs:
    logstash-output-sqs (0.1.3)
      aws-sdk
      logstash-core (>= 1.4.0, < 2.0.0)
      logstash-mixin-aws
      stud

GEM
  remote: https://rubygems.org/
  specs:
    addressable (2.3.8)
    awesome_print (1.6.1)
    aws-sdk (1.61.0)
      aws-sdk-v1 (= 1.61.0)
    aws-sdk-v1 (1.61.0)
      json (~> 1.4)
      nokogiri (>= 1.4.4)
    backports (3.6.4)
    cabin (0.7.1)
    clamp (0.6.5)
    coderay (1.1.0)
    ffi (1.9.8-java)
    file-dependencies (0.1.6)
      minitar
    filesize (0.0.4)
    filewatch (0.6.2)
    ftw (0.0.42)
      addressable
      backports (>= 2.6.2)
      cabin (> 0)
      http_parser.rb (~> 0.6)
    http_parser.rb (0.6.0-java)
    i18n (0.6.9)
    jls-grok (0.11.2)
      cabin (>= 0.6.0)
    jrjackson (0.2.8)
    json (1.8.2-java)
    logstash-codec-json (0.1.7)
      logstash-core (>= 1.4.0, < 2.0.0)
    logstash-codec-json_lines (0.1.7)
      logstash-codec-line
      logstash-core (>= 1.4.0, < 2.0.0)
    logstash-codec-line (0.1.6)
      logstash-core (>= 1.4.0, < 2.0.0)
    logstash-codec-plain (0.1.6)
      logstash-core (>= 1.4.0, < 2.0.0)
    logstash-codec-rubydebug (0.1.7)
      awesome_print
      logstash-core (>= 1.4.0, < 2.0.0)
    logstash-core (1.5.0.rc3-java)
      cabin (>= 0.7.0)
      clamp
      file-dependencies (= 0.1.6)
      filesize
      ftw (~> 0.0.40)
      i18n (= 0.6.9)
      jrjackson
      mime-types
      minitar
      pry
      rack
      sinatra
      stud
      treetop (~> 1.4.0)
    logstash-filter-clone (0.1.5)
      logstash-core (>= 1.4.0, < 2.0.0)
    logstash-filter-drop (0.1.5)
      logstash-core (>= 1.4.0, < 2.0.0)
    logstash-filter-grok (0.1.9)
      jls-grok (~> 0.11.1)
      logstash-core (>= 1.4.0, < 2.0.0)
      logstash-patterns-core
    logstash-filter-json (0.1.6)
      logstash-core (>= 1.4.0, < 2.0.0)
    logstash-filter-mutate (0.1.7)
      logstash-core (>= 1.4.0, < 2.0.0)
      logstash-filter-grok
      logstash-patterns-core
    logstash-input-file (0.1.9)
      addressable
      filewatch (~> 0.6, >= 0.6.2)
      logstash-codec-plain
      logstash-core (>= 1.4.0, < 2.0.0)
    logstash-input-generator (0.1.5)
      logstash-codec-plain
      logstash-core (>= 1.4.0, < 2.0.0)
    logstash-input-sqs (0.1.4)
      aws-sdk
      logstash-codec-json
      logstash-core (>= 1.4.0, < 2.0.0)
    logstash-input-stdin (0.1.5)
      logstash-codec-json
      logstash-codec-json_lines
      logstash-codec-line
      logstash-codec-plain
      logstash-core (>= 1.4.0, < 2.0.0)
    logstash-input-tcp (0.1.5)
      logstash-codec-json
      logstash-codec-json_lines
      logstash-codec-line
      logstash-codec-plain
      logstash-core (>= 1.4.0, < 2.0.0)
    logstash-mixin-aws (0.1.9)
      aws-sdk (~> 1.61.0)
      logstash-codec-plain
      logstash-core (>= 1.4.0, < 2.0.0)
    logstash-output-stdout (0.1.5)
      logstash-codec-line
      logstash-core (>= 1.4.0, < 2.0.0)
    logstash-patterns-core (0.1.7)
      logstash-core (>= 1.4.0, < 2.0.0)
    method_source (0.8.2)
    mime-types (2.5)
    minitar (0.5.4)
    nokogiri (1.6.6.2-java)
    polyglot (0.3.5)
    pry (0.10.1-java)
      coderay (~> 1.1.0)
      method_source (~> 0.8.1)
      slop (~> 3.4)
      spoon (~> 0.0)
    rack (1.6.0)
    rack-protection (1.5.3)
      rack
    sinatra (1.4.6)
      rack (~> 1.4)
      rack-protection (~> 1.4)
      tilt (>= 1.3, < 3)
    slop (3.6.0)
    spoon (0.0.4)
      ffi
    stud (0.0.19)
    tilt (2.0.1)
    treetop (1.4.15)
      polyglot
      polyglot (>= 0.3.1)

PLATFORMS
  java

DEPENDENCIES
  logstash-codec-json
  logstash-codec-rubydebug
  logstash-core
  logstash-filter-clone
  logstash-filter-drop
  logstash-filter-json
  logstash-filter-mutate
  logstash-input-file
  logstash-input-generator
  logstash-input-sqs
  logstash-input-stdin
  logstash-input-tcp
  logstash-output-sqs (= 0.1.3)!
  logstash-output-stdout
